PATH
  remote: .
  specs:
    ircbot (0.2.3)
      chawan
      data_objects
      dm-core
      dm-migrations
      dm-postgres-adapter
      dm-sqlite-adapter
      dm-timestamps
      do_sqlite3
      dsl_accessor (>= 0.4.0)
      extlib (>= 0.9.14)
      net-irc (>= 0.0.9)
      night-time
      pg
      sqlite3

GEM
  remote: https://rubygems.org/
  specs:
    addressable (2.2.8)
    blankslate (2.1.2.4)
    chawan (0.0.4)
    data_objects (0.10.8)
      addressable (~> 2.1)
    diff-lcs (1.1.3)
    dm-core (1.2.0)
      addressable (~> 2.2.6)
    dm-do-adapter (1.2.0)
      data_objects (~> 0.10.6)
      dm-core (~> 1.2.0)
    dm-migrations (1.2.0)
      dm-core (~> 1.2.0)
    dm-postgres-adapter (1.2.0)
      dm-do-adapter (~> 1.2.0)
      do_postgres (~> 0.10.6)
    dm-sqlite-adapter (1.2.0)
      dm-do-adapter (~> 1.2.0)
      do_sqlite3 (~> 0.10.6)
    dm-timestamps (1.2.0)
      dm-core (~> 1.2.0)
    do_postgres (0.10.8)
      data_objects (= 0.10.8)
    do_sqlite3 (0.10.8)
      data_objects (= 0.10.8)
    dsl_accessor (0.4.1)
      blankslate (>= 2.1.2)
      optionize (>= 0.1.0)
    extlib (0.9.15)
    net-irc (0.0.9)
    night-time (1.0.2)
    optionize (0.1.1)
    pg (0.14.0)
    rspec (2.10.0)
      rspec-core (~> 2.10.0)
      rspec-expectations (~> 2.10.0)
      rspec-mocks (~> 2.10.0)
    rspec-core (2.10.1)
    rspec-expectations (2.10.0)
      diff-lcs (~> 1.1.3)
    rspec-mocks (2.10.1)
    sqlite3 (1.3.6)

PLATFORMS
  ruby

DEPENDENCIES
  ircbot!
  rspec (>= 2.9.0)
